PATH
  remote: .
  specs:
    style_elmatica (0.1.1)

GEM
  remote: https://rubygems.org/
  specs:
    rake (13.0.3)

PLATFORMS
  ruby

DEPENDENCIES
  bundler (~> 2.1.4)
  rake (~> 13.0.3)
  style_elmatica!

BUNDLED WITH
   2.1.4
